PATH
  remote: .
  specs:
    macrodeck-config (0.0.1)
      sinatra

GEM
  specs:
    rack (1.4.1)
    rack-protection (1.3.2)
      rack
    rake (0.9.2.2)
    sinatra (1.3.3)
      rack (>= 1.3.6, ~> 1.3)
      rack-protection (~> 1.2)
      tilt (>= 1.3.3, ~> 1.3)
    tilt (1.3.3)

PLATFORMS
  ruby

DEPENDENCIES
  macrodeck-config!
  rake
